PATH
  remote: .
  specs:
    creditstxt (1.0.0)
      bundler (~> 1.16)

GEM
  remote: https://rubygems.org/
  specs:

PLATFORMS
  ruby

DEPENDENCIES
  creditstxt!

BUNDLED WITH
   1.16.2
